GEM
  remote: https://rubygems.org/
  specs:
    concurrent-ruby (1.1.9)
    elasticsearch (7.15.0)
      elasticsearch-api (= 7.15.0)
      elasticsearch-transport (= 7.15.0)
    elasticsearch-api (7.15.0)
      multi_json
    elasticsearch-transport (7.15.0)
      faraday (~> 1)
      multi_json
    et-orbi (1.2.5)
      tzinfo
    faraday (1.8.0)
      faraday-em_http (~> 1.0)
      faraday-em_synchrony (~> 1.0)
      faraday-excon (~> 1.1)
      faraday-httpclient (~> 1.0.1)
      faraday-net_http (~> 1.0)
      faraday-net_http_persistent (~> 1.1)
      faraday-patron (~> 1.0)
      faraday-rack (~> 1.0)
      multipart-post (>= 1.2, < 3)
      ruby2_keywords (>= 0.0.4)
    faraday-em_http (1.0.0)
    faraday-em_synchrony (1.0.0)
    faraday-excon (1.1.0)
    faraday-httpclient (1.0.1)
    faraday-net_http (1.0.1)
    faraday-net_http_persistent (1.2.0)
    faraday-patron (1.0.0)
    faraday-rack (1.0.0)
    fugit (1.5.2)
      et-orbi (~> 1.1, >= 1.1.8)
      raabro (~> 1.4)
    multi_json (1.15.0)
    multipart-post (2.1.1)
    packetfu (1.1.13)
      pcaprub
    pcaprub (0.13.0)
    raabro (1.4.0)
    ruby2_keywords (0.0.5)
    rufus-scheduler (3.8.0)
      fugit (~> 1.1, >= 1.1.6)
    semantic_logger (4.8.2)
      concurrent-ruby (~> 1.0)
    tzinfo (2.0.4)
      concurrent-ruby (~> 1.0)
    yard (0.9.26)

PLATFORMS
  ruby

DEPENDENCIES
  elasticsearch
  packetfu
  rufus-scheduler
  semantic_logger
  yard

BUNDLED WITH
   2.1.4
